GEM
  remote: https://rubygems.org/
  specs:
    jwt (2.2.1)

PLATFORMS
  ruby

DEPENDENCIES
  jwt (~> 2.2, >= 2.2.1)!

RUBY VERSION
   ruby 2.7.0p0

BUNDLED WITH
   2.1.4
